GEM
  remote: https://rubygems.org/
  specs:
    maruku (0.7.1)
    mini_portile (0.5.1)
    nokogiri (1.6.0)
      mini_portile (~> 0.5.0)

PLATFORMS
  ruby

DEPENDENCIES
  maruku
  nokogiri
