GEM
  remote: https://rubygems.org/
  specs:
    maruku (0.7.1)

PLATFORMS
  ruby

DEPENDENCIES
  maruku
